GEM
  remote: https://rubygems.org/
  specs:
    aws-sigv4 (1.0.3)
    mustermann (1.0.2)
    rack (2.0.5)
    rack-protection (2.0.3)
      rack
    sinatra (2.0.3)
      mustermann (~> 1.0)
      rack (~> 2.0)
      rack-protection (= 2.0.3)
      tilt (~> 2.0)
    tilt (2.0.8)
    vault (0.11.0)
      aws-sigv4

PLATFORMS
  ruby

DEPENDENCIES
  sinatra
  vault (~> 0.1)

BUNDLED WITH
   1.15.4
